GEM
  remote: https://rubygems.org/
  specs:
    activesupport (7.1.3.4)
      base64
      bigdecimal
      concurrent-ruby (~> 1.0, >= 1.0.2)
      connection_pool (>= 2.2.5)
      drb
      i18n (>= 1.6, < 2)
      minitest (>= 5.1)
      mutex_m
      tzinfo (~> 2.0)
    addressable (2.8.7)
      public_suffix (>= 2.0.2, < 7.0)
    autoprefixer-rails (9.8.6.5)
      execjs
    base64 (0.2.0)
    bigdecimal (3.1.8)
    colorator (1.1.0)
    concurrent-ruby (1.3.3)
    connection_pool (2.4.1)
    drb (2.2.1)
    em-websocket (0.5.3)
      eventmachine (>= 0.12.9)
      http_parser.rb (~> 0)
    eventmachine (1.2.7)
    execjs (2.7.0)
    faraday (2.10.0)
      faraday-net_http (>= 2.0, < 3.2)
      logger
    faraday-net_http (3.1.0)
      net-http
    fastimage (2.3.1)
    ffi (1.17.0)
    forwardable-extended (2.6.0)
    google-protobuf (4.27.2)
      bigdecimal
      rake (>= 13)
    http_parser.rb (0.8.0)
    i18n (1.14.5)
      concurrent-ruby (~> 1.0)
    jekyll (4.3.3)
      addressable (~> 2.4)
      colorator (~> 1.0)
      em-websocket (~> 0.5)
      i18n (~> 1.0)
      jekyll-sass-converter (>= 2.0, < 4.0)
      jekyll-watch (~> 2.0)
      kramdown (~> 2.3, >= 2.3.1)
      kramdown-parser-gfm (~> 1.0)
      liquid (~> 4.0)
      mercenary (>= 0.3.6, < 0.5)
      pathutil (~> 0.9)
      rouge (>= 3.0, < 5.0)
      safe_yaml (~> 1.0)
      terminal-table (>= 1.8, < 4.0)
      webrick (~> 1.7)
    jekyll-autoprefixer (1.0.2)
      autoprefixer-rails (~> 9.3)
    jekyll-github-metadata (2.16.1)
      jekyll (>= 3.4, < 5.0)
      octokit (>= 4, < 7, != 4.4.0)
    jekyll-image-size (1.2.1)
      fastimage (>= 1.8)
      jekyll (>= 3.7)
    jekyll-responsive-image (1.6.0)
      jekyll (>= 2.0, < 5.0)
      rmagick (>= 2.0, < 5.0)
    jekyll-sass-converter (3.0.0)
      sass-embedded (~> 1.54)
    jekyll-watch (2.2.1)
      listen (~> 3.0)
    kramdown (2.4.0)
      rexml
    kramdown-parser-gfm (1.1.0)
      kramdown (~> 2.0)
    liquid (4.0.4)
    listen (3.9.0)
      rb-fsevent (~> 0.10, >= 0.10.3)
      rb-inotify (~> 0.9, >= 0.9.10)
    logger (1.6.0)
    mercenary (0.4.0)
    mini_portile2 (2.8.7)
    minitest (5.24.1)
    mutex_m (0.2.0)
    net-http (0.4.1)
      uri
    nokogiri (1.16.6)
      mini_portile2 (~> 2.8.2)
      racc (~> 1.4)
    octokit (6.1.1)
      faraday (>= 1, < 3)
      sawyer (~> 0.9)
    pathutil (0.16.2)
      forwardable-extended (~> 2.6)
    public_suffix (6.0.0)
    pygments.rb (3.0.0)
    racc (1.8.0)
    rake (13.2.1)
    rb-fsevent (0.11.2)
    rb-inotify (0.11.1)
      ffi (~> 1.0)
    rexml (3.3.1)
      strscan
    rmagick (4.3.0)
    rouge (4.3.0)
    safe_yaml (1.0.5)
    sass-embedded (1.77.5)
      google-protobuf (>= 3.25, < 5.0)
      rake (>= 13)
    sassc (2.4.0)
      ffi (~> 1.9)
    sawyer (0.9.2)
      addressable (>= 2.3.5)
      faraday (>= 0.17.3, < 3)
    strscan (3.1.0)
    terminal-table (3.0.2)
      unicode-display_width (>= 1.1.1, < 3)
    tzinfo (2.0.6)
      concurrent-ruby (~> 1.0)
    uglifier (4.2.0)
      execjs (>= 0.3.0, < 3)
    unicode-display_width (2.5.0)
    uri (0.13.0)
    webrick (1.8.1)

PLATFORMS
  ruby

DEPENDENCIES
  activesupport (>= 7.0.7.1)
  execjs (= 2.7.0)
  jekyll (>= 4.2.0)
  jekyll-autoprefixer (>= 1.0.0)
  jekyll-github-metadata
  jekyll-image-size (~> 1.2)
  jekyll-responsive-image (>= 1.5.0)
  jekyll-watch (>= 2.0.0)
  kramdown (>= 2.3.0)
  liquid (>= 4.0.0)
  nokogiri (>= 1.16.2)
  pygments.rb (>= 1.2.1)
  rake (>= 10.0.0)
  sassc (>= 2.4.0)
  uglifier (>= 4.1.0)
  webrick (~> 1.7)

BUNDLED WITH
   2.3.8
